PATH
  remote: .
  specs:
    kitabu (1.0.1.1)
      RedCloth
      activesupport
      coderay
      eeepub-with-cover-support
      i18n
      listen
      nokogiri
      notifier
      rdiscount
      thor

GEM
  remote: http://rubygems.org/
  specs:
    RedCloth (4.2.9)
    activesupport (3.2.8)
      i18n (~> 0.6)
      multi_json (~> 1.0)
    awesome_print (1.1.0)
    builder (3.1.4)
    coderay (1.0.8)
    diff-lcs (1.1.3)
    eeepub-with-cover-support (0.8.7)
      builder
      rubyzip
    i18n (0.6.1)
    listen (0.5.3)
    method_source (0.8.1)
    multi_json (1.3.7)
    nokogiri (1.5.5)
    notifier (0.4.1)
    pry (0.9.10)
      coderay (~> 1.0.5)
      method_source (~> 0.8)
      slop (~> 3.3.1)
    pry-nav (0.2.2)
      pry (~> 0.9.10)
    rake (0.9.2.2)
    rdiscount (1.6.8)
    rspec (2.11.0)
      rspec-core (~> 2.11.0)
      rspec-expectations (~> 2.11.0)
      rspec-mocks (~> 2.11.0)
    rspec-core (2.11.1)
    rspec-expectations (2.11.3)
      diff-lcs (~> 1.1.3)
    rspec-mocks (2.11.3)
    rubyzip (0.9.9)
    slop (3.3.3)
    test_notifier (1.0.1)
      notifier
    thor (0.16.0)

PLATFORMS
  ruby

DEPENDENCIES
  awesome_print
  kitabu!
  pry
  pry-nav
  rake
  rspec
  test_notifier
